GEM
  remote: https://rubygems.org/
  specs:
    ansi (1.5.0)
    bcrypt_pbkdf (1.0.1)
    ed25519 (1.2.4)
    hashie (3.6.0)
    itamae (1.10.4)
      ansi
      hashie
      schash (~> 0.1.0)
      specinfra (>= 2.64.0, < 3.0.0)
      thor
    net-scp (2.0.0)
      net-ssh (>= 2.6.5, < 6.0.0)
    net-ssh (5.2.0)
    net-telnet (0.1.1)
    schash (0.1.2)
    sfl (2.3)
    specinfra (2.78.0)
      net-scp
      net-ssh (>= 2.7)
      net-telnet (= 0.1.1)
      sfl
    thor (0.20.3)

PLATFORMS
  ruby

DEPENDENCIES
  bcrypt_pbkdf (~> 1.0)
  ed25519 (~> 1.2)
  itamae

BUNDLED WITH
   1.17.2
